GIT
  remote: git://github.com/santiagodoldan/phabulous.git
  revision: 067330212cebebd11c205ad1060b1734bba372f0
  specs:
    phabulous (0.0.1)
      httparty

GEM
  remote: https://rubygems.org/
  specs:
    byebug (6.0.2)
    chronic (0.10.2)
    httparty (0.13.7)
      json (~> 1.8)
      multi_xml (>= 0.5.2)
    json (1.8.3)
    multi_xml (0.5.5)
    rake (10.4.2)
    slack-notifier (1.4.0)
    whenever (0.9.4)
      chronic (>= 0.6.3)

PLATFORMS
  ruby

DEPENDENCIES
  byebug
  phabulous!
  rake
  slack-notifier
  whenever

BUNDLED WITH
   1.10.6
